GEM
  remote: https://rubygems.org/
  specs:
    highline (1.7.10)
    mustache (0.99.8)
    ruby-progressbar (1.10.0)
    server (0.0.11.9)
      highline (~> 1.5)
      mustache (~> 0.99)
      ruby-progressbar (~> 1.4)
      terminal-table (~> 1.4)
      thor (~> 0.17)
    terminal-table (1.8.0)
      unicode-display_width (~> 1.1, >= 1.1.1)
    thor (0.20.3)
    unicode-display_width (1.4.1)

PLATFORMS
  ruby

DEPENDENCIES
  server

BUNDLED WITH
   1.17.1
